GEM
  remote: https://rubygems.org/
  specs:
    liquid (4.0.0)

PLATFORMS
  ruby

DEPENDENCIES
  liquid

BUNDLED WITH
   1.16.0
